GEM
  remote: https://rubygems.org/
  specs:
    minitest (5.10.3)
    rake (12.2.1)

PLATFORMS
  ruby

DEPENDENCIES
  minitest
  rake (~> 12.2)

BUNDLED WITH
   1.13.6
